GEM
  remote: https://rubygems.org/
  specs:
    chunky_png (1.3.10)
    mustermann (1.1.1)
      ruby2_keywords (~> 0.0.1)
    rack (2.2.6.4)
    rack-protection (2.0.2)
      rack
    ruby2_keywords (0.0.4)
    sinatra (2.0.2)
      mustermann (~> 1.0)
      rack (~> 2.0)
      rack-protection (= 2.0.2)
      tilt (~> 2.0)
    tilt (2.0.10)

PLATFORMS
  ruby

DEPENDENCIES
  chunky_png
  sinatra

BUNDLED WITH
   1.15.4
